GEM
  remote: https://rubygems.org/
  specs:
    cuba (3.4.0)
      rack
    diff-lcs (1.2.5)
    mote (1.1.4)
    mote-render (1.1.0)
    rack (1.6.4)
    rake (10.4.2)
    rspec (3.3.0)
      rspec-core (~> 3.3.0)
      rspec-expectations (~> 3.3.0)
      rspec-mocks (~> 3.3.0)
    rspec-core (3.3.2)
      rspec-support (~> 3.3.0)
    rspec-expectations (3.3.1)
      diff-lcs (>= 1.2.0, < 2.0)
      rspec-support (~> 3.3.0)
    rspec-mocks (3.3.2)
      diff-lcs (>= 1.2.0, < 2.0)
      rspec-support (~> 3.3.0)
    rspec-support (3.3.0)

PLATFORMS
  ruby

DEPENDENCIES
  cuba (~> 3.4.0)
  mote
  mote-render
  rake (~> 10.4.2)
  rspec

BUNDLED WITH
   1.10.5
